GEM
  remote: http://rubygems.org/
  specs:
    json (1.5.1)
    rake (0.8.7)
    rspec (1.3.1)

PLATFORMS
  ruby

DEPENDENCIES
  json
  rake
  rspec (~> 1.3.0)
